PATH
  remote: .
  specs:
    ruby-geonames (0.2.9)

GEM
  remote: http://rubygems.org/
  specs:
    diff-lcs (1.2.5)
    fakeweb (1.3.0)
    rake (10.1.1)
    rspec (2.99.0)
      rspec-core (~> 2.99.0)
      rspec-expectations (~> 2.99.0)
      rspec-mocks (~> 2.99.0)
    rspec-core (2.99.2)
    rspec-expectations (2.99.2)
      diff-lcs (>= 1.1.3, < 2.0)
    rspec-mocks (2.99.4)

PLATFORMS
  ruby

DEPENDENCIES
  fakeweb
  rake
  rspec (~> 2.99)
  ruby-geonames!

BUNDLED WITH
   1.13.6
